GEM
  remote: https://rubygems.org/
  specs:
    activemodel (3.2.13)
      activesupport (= 3.2.13)
      builder (~> 3.0.0)
    activesupport (3.2.13)
      i18n (= 0.6.1)
      multi_json (~> 1.0)
    builder (3.0.4)
    capistrano (2.14.2)
      highline
      net-scp (>= 1.0.0)
      net-sftp (>= 2.0.0)
      net-ssh (>= 2.0.14)
      net-ssh-gateway (>= 1.1.0)
    diff-lcs (1.2.1)
    execjs (2.0.2)
    factory_girl (4.2.0)
      activesupport (>= 3.0.0)
    highline (1.6.16)
    hike (1.2.3)
    i18n (0.6.1)
    kgio (2.8.0)
    libv8 (3.16.14.3)
    mongoid (3.1.2)
      activemodel (~> 3.2)
      moped (~> 1.4.2)
      origin (~> 1.0)
      tzinfo (~> 0.3.22)
    mongoid_slug (3.0.0)
      mongoid (> 3.0)
      stringex (~> 1.4)
    moped (1.4.5)
    multi_json (1.8.2)
    net-scp (1.1.0)
      net-ssh (>= 2.6.5)
    net-sftp (2.1.1)
      net-ssh (>= 2.6.5)
    net-ssh (2.6.6)
    net-ssh-gateway (1.2.0)
      net-ssh (>= 2.6.5)
    newrelic_rpm (3.6.0.78)
    origin (1.0.11)
    r18n-core (1.1.4)
    rack (1.5.2)
    rack-protection (1.5.2)
      rack
    rack-test (0.6.2)
      rack (>= 1.0)
    raindrops (0.10.0)
    rake (10.1.0)
    redcarpet (2.2.2)
    ref (1.0.5)
    rspec (2.13.0)
      rspec-core (~> 2.13.0)
      rspec-expectations (~> 2.13.0)
      rspec-mocks (~> 2.13.0)
    rspec-core (2.13.1)
    rspec-expectations (2.13.0)
      diff-lcs (>= 1.1.3, < 2.0)
    rspec-mocks (2.13.0)
    sass (3.2.7)
    settingslogic (2.0.9)
    simplecov (0.7.1)
      multi_json (~> 1.0)
      simplecov-html (~> 0.7.1)
    simplecov-html (0.7.1)
    sinatra (1.4.4)
      rack (~> 1.4)
      rack-protection (~> 1.4)
      tilt (~> 1.3, >= 1.3.4)
    sinatra-flash (0.3.0)
      sinatra (>= 1.0.0)
    sprockets (2.10.0)
      hike (~> 1.2)
      multi_json (~> 1.0)
      rack (~> 1.0)
      tilt (~> 1.1, != 1.3.0)
    stringex (1.5.1)
    therubyracer (0.12.0)
      libv8 (~> 3.16.14.0)
      ref
    tilt (1.4.1)
    tzinfo (0.3.37)
    uglifier (2.2.1)
      execjs (>= 0.3.0)
      multi_json (~> 1.0, >= 1.0.2)
    unicorn (4.6.2)
      kgio (~> 2.6)
      rack
      raindrops (~> 0.7)

PLATFORMS
  ruby

DEPENDENCIES
  capistrano (= 2.14.2)
  factory_girl
  mongoid (= 3.1.2)
  mongoid_slug (= 3.0.0)
  newrelic_rpm (= 3.6.0.78)
  r18n-core (= 1.1.4)
  rack (= 1.5.2)
  rack-test
  rake
  redcarpet (= 2.2.2)
  rspec
  sass (= 3.2.7)
  settingslogic (= 2.0.9)
  simplecov (= 0.7.1)
  sinatra (= 1.4.4)
  sinatra-flash (= 0.3.0)
  sprockets (= 2.10.0)
  therubyracer
  uglifier (~> 2.2.1)
  unicorn (= 4.6.2)
